PATH
  remote: .
  specs:
    honeybadger (1.3.1)
      activesupport
      json

GEM
  remote: http://rubygems.org/
  specs:
    activesupport (3.2.9)
      i18n (~> 0.6)
      multi_json (~> 1.0)
    appraisal (0.5.1)
      bundler
      rake
    aruba (0.5.1)
      childprocess (~> 0.3.6)
      cucumber (>= 1.1.1)
      rspec-expectations (>= 2.7.0)
    bourne (1.1.2)
      mocha (= 0.10.5)
    builder (3.1.4)
    capistrano (2.8.0)
      highline
      net-scp (>= 1.0.0)
      net-sftp (>= 2.0.0)
      net-ssh (>= 2.0.14)
      net-ssh-gateway (>= 1.1.0)
    childprocess (0.3.6)
      ffi (~> 1.0, >= 1.0.6)
    cucumber (1.2.1)
      builder (>= 2.1.2)
      diff-lcs (>= 1.1.3)
      gherkin (~> 2.11.0)
      json (>= 1.4.6)
    diff-lcs (1.1.3)
    fakeweb (1.3.0)
    ffi (1.2.0)
    gherkin (2.11.5)
      json (>= 1.4.6)
    highline (1.6.13)
    i18n (0.6.1)
    json (1.7.3)
    metaclass (0.0.1)
    mocha (0.10.5)
      metaclass (~> 0.0.1)
    multi_json (1.3.7)
    net-scp (1.0.4)
      net-ssh (>= 1.99.1)
    net-sftp (2.0.5)
      net-ssh (>= 2.0.9)
    net-ssh (2.5.2)
    net-ssh-gateway (1.1.0)
      net-ssh (>= 1.99.1)
    rack (1.1.3)
    rake (10.0.2)
    rspec (2.12.0)
      rspec-core (~> 2.12.0)
      rspec-expectations (~> 2.12.0)
      rspec-mocks (~> 2.12.0)
    rspec-core (2.12.0)
    rspec-expectations (2.12.0)
      diff-lcs (~> 1.1.3)
    rspec-mocks (2.12.0)
    sham_rack (1.3.4)
      rack
    shoulda (2.11.3)
    sinatra (1.0)
      rack (>= 1.0)

PLATFORMS
  ruby

DEPENDENCIES
  appraisal
  aruba
  bourne (>= 1.0)
  capistrano
  cucumber (~> 1.2.1)
  fakeweb (~> 1.3.0)
  honeybadger!
  rake
  rspec (~> 2.12.0)
  sham_rack (~> 1.3.0)
  shoulda (~> 2.11.3)
  sinatra
